GEM
  remote: https://rubygems.org/
  specs:
    mime (0.4.4)
    mime-types (3.3.1)
      mime-types-data (~> 3.2015)
    mime-types-data (3.2021.0225)
    mini_exiftool (2.10.1)
    nokogiri (1.11.7-x86_64-linux)
      racc (~> 1.4)
    racc (1.5.2)
    rexml (3.2.5)
    rubyzip (2.3.0)
    spider (0.5.4)

PLATFORMS
  x86_64-linux

DEPENDENCIES
  mime
  mime-types (>= 3.3.1)
  mini_exiftool
  nokogiri
  rexml
  rubyzip
  spider

BUNDLED WITH
   2.2.19
