GEM
  remote: https://rubygems.org/
  specs:
    mime (0.4.4)
    mime-types (3.4.1)
      mime-types-data (~> 3.2015)
    mime-types-data (3.2022.0105)
    mini_exiftool (2.10.2)
    nokogiri (1.13.9-x86_64-linux)
      racc (~> 1.4)
    racc (1.6.0)
    rexml (3.2.5)
    rubyzip (2.3.2)
    spider (0.5.4)

PLATFORMS
  x86_64-linux

DEPENDENCIES
  mime
  mime-types (>= 3.3.1)
  mini_exiftool
  nokogiri
  rexml
  rubyzip
  spider

BUNDLED WITH
   2.3.11
